GEM
  remote: https://rubygems.org/
  specs:
    mail (2.7.0)
      mini_mime (>= 0.1.1)
    mini_mime (1.0.0)
    net-ssh (4.2.0)

PLATFORMS
  ruby

DEPENDENCIES
  mail
  net-ssh

BUNDLED WITH
   1.16.1
